PATH
  remote: .
  specs:
    xbmc-client (0.1.2)
      activesupport (>= 3.0.0)
      httparty (>= 0.6.0)
      i18n
      json (>= 1.4.5)

GEM
  remote: http://rubygems.org/
  specs:
    activesupport (5.0.1)
      concurrent-ruby (~> 1.0, >= 1.0.2)
      i18n (~> 0.7)
      minitest (~> 5.1)
      tzinfo (~> 1.1)
    concurrent-ruby (1.0.4)
    httparty (0.14.0)
      multi_xml (>= 0.5.2)
    i18n (0.8.0)
    json (2.0.3)
    minitest (5.10.1)
    multi_xml (0.6.0)
    shoulda (2.10.3)
    thread_safe (0.3.5)
    tzinfo (1.2.2)
      thread_safe (~> 0.1)

PLATFORMS
  ruby

DEPENDENCIES
  shoulda (= 2.10.3)
  xbmc-client!

BUNDLED WITH
   1.14.3
